GEM
  remote: http://rubygems.org/
  specs:
    configuration (1.1.0)
    growl (1.0.3)
    guard (0.2.2)
      open_gem (~> 1.4.2)
      thor (~> 0.14.3)
    guard-coffeescript (0.1.2)
      guard (~> 0.2.2)
    launchy (0.3.7)
      configuration (>= 0.0.5)
      rake (>= 0.8.1)
    open_gem (1.4.2)
      launchy (~> 0.3.5)
    rake (0.8.7)
    rb-fsevent (0.3.6)
    thor (0.14.4)

PLATFORMS
  ruby

DEPENDENCIES
  growl
  guard-coffeescript
  rb-fsevent
